GEM
  remote: https://rubygems.org/
  specs:
    m2x (2.0.1)

PLATFORMS
  ruby

DEPENDENCIES
  m2x
